GEM
  remote: http://rubygems.org/
  specs:
    diff-lcs (1.1.2)
    fuubar (1.1.0)
      rspec (~> 2.0)
      rspec-instafail (~> 0.2.0)
      ruby-progressbar (~> 1.0.0)
    ox (1.8.1)
    rspec (2.4.0)
      rspec-core (~> 2.4.0)
      rspec-expectations (~> 2.4.0)
      rspec-mocks (~> 2.4.0)
    rspec-core (2.4.0)
    rspec-expectations (2.4.0)
      diff-lcs (~> 1.1.2)
    rspec-instafail (0.2.4)
    rspec-mocks (2.4.0)
    ruby-progressbar (1.0.2)

PLATFORMS
  ruby

DEPENDENCIES
  fuubar
  ox
  rspec (>= 2.4.0)
